GEM
  remote: https://rubygems.org/
  specs:
    backports (3.6.4)
    bourbon (4.1.1)
      sass (~> 3.3)
      thor
    front_matter_parser (0.0.4)
    multi_json (1.11.1)
    neat (1.7.1)
      bourbon (>= 4.0)
      sass (>= 3.3)
    puma (2.7.1)
      rack (>= 1.1, < 2.0)
    rack (1.5.2)
    rack-contrib (1.2.0)
      rack (>= 0.9.1)
    rack-protection (1.5.3)
      rack
    rack-test (0.6.3)
      rack (>= 1.0)
    redcarpet (3.3.2)
    sass (3.4.13)
    sinatra (1.4.6)
      rack (~> 1.4)
      rack-protection (~> 1.4)
      tilt (>= 1.3, < 3)
    sinatra-contrib (1.4.6)
      backports (>= 2.0)
      multi_json
      rack-protection
      rack-test
      sinatra (~> 1.4.0)
      tilt (>= 1.3, < 3)
    sinatra-reloader (1.0)
      sinatra-contrib
    thor (0.19.1)
    tilt (1.4.1)

PLATFORMS
  ruby

DEPENDENCIES
  bourbon
  front_matter_parser
  neat
  puma
  rack-contrib
  redcarpet
  sinatra
  sinatra-reloader

BUNDLED WITH
   1.10.4
